GEM
  remote: https://rubygems.org/
  specs:
    redis (3.3.1)

PLATFORMS
  ruby

DEPENDENCIES
  redis

BUNDLED WITH
   1.11.2
